GEM
  remote: http://rubygems.org/
  specs:
    curb (0.8.3)

PLATFORMS
  ruby

DEPENDENCIES
  curb (~> 0.8.3)
